GEM
  remote: https://rubygems.org/
  specs:
    mustermann (1.0.1)
    rack (2.2.3)
    rack-protection (2.0.0)
      rack
    rmagick (4.1.1)
    sinatra (2.0.0)
      mustermann (~> 1.0)
      rack (~> 2.0)
      rack-protection (= 2.0.0)
      tilt (~> 2.0)
    tilt (2.0.8)

PLATFORMS
  ruby

DEPENDENCIES
  rmagick
  sinatra

BUNDLED WITH
   1.15.4
